GIT
  remote: git://github.com/SysMO-DB/acts_as_activity_logged.git
  revision: da0b6d8e4ccabfa231c39aa89522c8ba73f03c0e
  specs:
    acts_as_activity_logged (0.3.3)

GIT
  remote: git://github.com/SysMO-DB/app_version.git
  revision: 0b64b44ccde69844cc245dff4ec353b9e39eee82
  specs:
    app_version (1.0.0)

GIT
  remote: git://github.com/SysMO-DB/convert_office.git
  revision: 753f2567dbd625bc89071e1150404efbb562e130
  ref: 753f2567dbd625bc89071e1150404efbb562e130
  specs:
    convert_office (0.9.1)

GIT
  remote: git://github.com/SysMO-DB/doi_query_tool.git
  revision: 069facd5bf352d78cacf9a596c62989512085218
  specs:
    doi_query_tool (0.0.0)

GIT
  remote: git://github.com/SysMO-DB/gibberish.git
  revision: d24c42b9608f39f82e37e757f530d8199049c557
  specs:
    gibberish (1.0.0)

GIT
  remote: git://github.com/SysMO-DB/my_savage_beast
  revision: 8a69e1d76c1e384a2945bcb1c7fccf7fa11b9c78
  specs:
    my_savage_beast (2.3)

GIT
  remote: git://github.com/SysMO-DB/site_announcements.git
  revision: 02b574ac8396534c4917d3fd29ceb7496c27060e
  specs:
    site_announcements (1.0.0)

GIT
  remote: git://github.com/myGrid/search_biomodel.git
  revision: e109ac6d8b102f7ecb65140c17d263b85e066870
  specs:
    search_biomodel (2.2.1)

GIT
  remote: git://github.com/quyen/bioportal.git
  revision: 7a41485cfb1dbd827ca702c1b57c89aecd13704c
  specs:
    bioportal (1.0.0)

GIT
  remote: git://github.com/quyen/my_rails_settings.git
  revision: 771e1e12264cec529bbc3bec767aa52674c22d59
  specs:
    my_rails_settings (1.0.0)

GIT
  remote: git://github.com/quyen/my_responds_to_parent.git
  revision: 383a017f16c418a1f47cab33eb37b1f42b29ca77
  specs:
    my_responds_to_parent (1.0.0)

GIT
  remote: git://github.com/quyen/pubmed_query_tool.git
  revision: ea5bc1af8a0200c197de312d8f3d1482771c83e2
  specs:
    pubmed_query_tool (1.0.0)

GIT
  remote: git://github.com/quyen/white_list.git
  revision: b7d4ff0a87d1e5ea4fee5c43f7191b1a2d68e056
  specs:
    white_list (1.0.0)

GIT
  remote: git://github.com/quyen/white_list_formatted_content.git
  revision: c02bea47e477c1ac59e45a2a8a51aaa2c8e6b72f
  specs:
    white_list_formatted_content (1.0.0)

GEM
  remote: https://rubygems.org/
  remote: http://gems.github.com/
  specs:
    RedCloth (4.2.9)
    actionmailer (3.2.13)
      actionpack (= 3.2.13)
      mail (~> 2.5.3)
    actionpack (3.2.13)
      activemodel (= 3.2.13)
      activesupport (= 3.2.13)
      builder (~> 3.0.0)
      erubis (~> 2.7.0)
      journey (~> 1.0.4)
      rack (~> 1.4.5)
      rack-cache (~> 1.2)
      rack-test (~> 0.6.1)
      sprockets (~> 2.2.1)
    activemodel (3.2.13)
      activesupport (= 3.2.13)
      builder (~> 3.0.0)
    activerecord (3.2.13)
      activemodel (= 3.2.13)
      activesupport (= 3.2.13)
      arel (~> 3.0.2)
      tzinfo (~> 0.3.29)
    activeresource (3.2.13)
      activemodel (= 3.2.13)
      activesupport (= 3.2.13)
    activesupport (3.2.13)
      i18n (= 0.6.1)
      multi_json (~> 1.0)
    acts-as-taggable-on (2.4.1)
      rails (>= 3, < 5)
    acts_as_list (0.2.0)
      activerecord (>= 3.0)
    acts_as_trashable (1.0.6)
      activerecord (>= 2.2)
    acts_as_tree (0.2.0)
    addressable (2.3.4)
    akami (1.2.0)
      gyoku (>= 0.4.0)
      nokogiri (>= 1.4.0)
    arel (3.0.2)
    bio (1.4.3)
    breadcrumbs_on_rails (1.0.1)
    builder (3.0.4)
    calendar_date_select (1.16.4)
    cancan (1.6.10)
    cgi_multipart_eof_fix (2.5.0)
    coderay (1.0.9)
    country-select (1.1.1)
    crack (0.3.2)
    daemons (1.1.9)
    delayed_job (3.0.5)
      activesupport (~> 3.0)
    delayed_job_active_record (0.4.4)
      activerecord (>= 2.1.0, < 4)
      delayed_job (~> 3.0)
    docsplit (0.7.2)
    equivalent-xml (0.3.0)
      nokogiri (>= 1.4.3)
    erubis (2.7.0)
    exception_notification (3.0.1)
      actionmailer (>= 3.0.4)
    factory_girl (2.6.4)
      activesupport (>= 2.3.9)
    fastercsv (1.5.1)
    fastthread (1.0.7)
    fssm (0.2.10)
    gem_plugin (0.2.3)
    gyoku (0.4.6)
      builder (>= 2.1.2)
    hike (1.2.2)
    hpricot (0.8.6)
    httpi (1.1.1)
      rack
    i18n (0.6.1)
    in_place_editing (1.2.0)
    journey (1.0.4)
    json (1.7.7)
    kgio (2.8.0)
    libxml-ruby (2.2.2)
    mail (2.5.3)
      i18n (>= 0.4.0)
      mime-types (~> 1.16)
      treetop (~> 1.4.8)
    method_source (0.8.1)
    mime-types (1.23)
    modporter-plugin (0.1.0)
    mongrel (1.1.5)
      cgi_multipart_eof_fix (>= 2.4)
      daemons (>= 1.0.3)
      fastthread (>= 1.0.1)
      gem_plugin (>= 0.2.3)
    multi_json (1.7.3)
    my_annotations (0.6.0)
    mysql (2.9.1)
    nokogiri (1.5.9)
    nori (1.1.5)
    open4 (1.3.0)
    parallel (0.6.4)
    parallel_tests (0.12.2)
      parallel
    piwik_analytics (1.0.2)
      actionpack
      activesupport
      rails (>= 3.0.0)
    polyglot (0.3.3)
    pothoven-attachment_fu (3.2.8)
    pr_geohash (1.0.0)
    pry (0.9.12.1)
      coderay (~> 1.0.5)
      method_source (~> 0.8)
      slop (~> 3.4)
    pry-doc (0.4.5)
      pry (>= 0.9)
      yard (>= 0.8)
    pry-remote (0.1.7)
      pry (~> 0.9)
      slop (~> 3.0)
    rack (1.4.5)
    rack-cache (1.2)
      rack (>= 0.4)
    rack-openid (1.3.1)
      rack (>= 1.1.0)
      ruby-openid (>= 2.1.8)
    rack-ssl (1.3.3)
      rack
    rack-test (0.6.2)
      rack (>= 1.0)
    rails (3.2.13)
      actionmailer (= 3.2.13)
      actionpack (= 3.2.13)
      activerecord (= 3.2.13)
      activeresource (= 3.2.13)
      activesupport (= 3.2.13)
      bundler (~> 1.0)
      railties (= 3.2.13)
    rails_autolink (1.1.0)
      rails (> 3.1)
    railties (3.2.13)
      actionpack (= 3.2.13)
      activesupport (= 3.2.13)
      rack-ssl (~> 1.3.2)
      rake (>= 0.8.7)
      rdoc (~> 3.4)
      thor (>= 0.14.6, < 2.0)
    raindrops (0.11.0)
    rake (10.0.4)
    ratom (0.6.9)
      libxml-ruby (>= 1.1.2)
    rdf (1.0.6)
      addressable (>= 2.2)
    rdf-rdfxml (1.0.1)
      rdf (>= 1.0)
      rdf-xsd (>= 1.0)
    rdf-xsd (1.0.2.1)
      nokogiri (>= 1.5.0)
      rdf (>= 0.3.4)
    rdoc (3.12.2)
      json (~> 1.4)
    redbox (1.0.4)
    rest-client (1.6.7)
      mime-types (>= 1.16)
    rmagick (2.12.2)
    rsolr (1.0.9)
      builder (>= 2.1.2)
    rubaidh-google_analytics (1.1.4)
      actionpack
      activesupport
    ruby-openid (2.2.3)
    ruby-prof (0.13.0)
    ruby18_source_location (0.2)
    rubyzip (0.9.9)
    savon (1.1.0)
      akami (~> 1.2.0)
      builder (>= 2.1.2)
      gyoku (~> 0.4.5)
      httpi (~> 1.1.0)
      nokogiri (>= 1.4.0)
      nori (~> 1.1.0)
      wasabi (~> 2.5.0)
    simple-spreadsheet-extractor (0.12.1)
      libxml-ruby (= 2.2.2)
      libxml-ruby (= 2.2.2)
      open4 (= 1.3.0)
      open4 (= 1.3.0)
    slop (3.4.4)
    sprockets (2.2.2)
      hike (~> 1.2)
      multi_json (~> 1.0)
      rack (~> 1.0)
      tilt (~> 1.1, != 1.3.0)
    sqlite3 (1.3.7)
    sunspot (1.3.3)
      pr_geohash (~> 1.0)
      rsolr (~> 1.0.7)
    sunspot_rails (1.3.3)
      nokogiri
      sunspot (= 1.3.3)
    sunspot_solr (1.3.3)
    thor (0.18.1)
    tilt (1.4.0)
    timocratic-test_benchmark (0.4.3)
    treetop (1.4.12)
      polyglot
      polyglot (>= 0.3.1)
    tzinfo (0.3.37)
    unicorn (4.6.2)
      kgio (~> 2.6)
      rack
      raindrops (~> 0.7)
    uuidtools (2.1.1)
    wasabi (2.5.1)
      httpi (~> 1.0)
      nokogiri (>= 1.4.0)
    webmock (1.11.0)
      addressable (>= 2.2.7)
      crack (>= 0.3.2)
    will_paginate (3.0.4)
    yaml_db (0.2.3)
    yard (0.8.6.1)

PLATFORMS
  ruby

DEPENDENCIES
  RedCloth (= 4.2.9)
  acts-as-taggable-on
  acts_as_activity_logged!
  acts_as_list
  acts_as_trashable
  acts_as_tree
  app_version!
  bio
  bioportal!
  breadcrumbs_on_rails (= 1.0.1)
  calendar_date_select
  cancan
  convert_office!
  country-select
  daemons
  delayed_job_active_record
  docsplit
  doi_query_tool!
  equivalent-xml
  exception_notification
  factory_girl (= 2.6.4)
  fastercsv (= 1.5.1)
  fssm
  gibberish!
  hpricot (~> 0.8.2)
  in_place_editing
  libxml-ruby (= 2.2.2)
  modporter-plugin
  mongrel
  my_annotations (= 0.6.0)
  my_rails_settings!
  my_responds_to_parent!
  my_savage_beast!
  mysql
  parallel_tests
  piwik_analytics
  pothoven-attachment_fu
  pry
  pry-doc
  pry-remote
  pubmed_query_tool!
  rack-openid
  rails (= 3.2.13)
  rails_autolink
  ratom (= 0.6.9)
  rdf (>= 0.3.8)
  rdf-rdfxml (>= 0.3.8)
  rdoc
  redbox
  rest-client (>= 1.6.1)
  rmagick (= 2.12.2)
  rubaidh-google_analytics (~> 1.1.4)
  ruby-openid
  ruby-prof
  ruby18_source_location
  rubyzip
  savon (= 1.1.0)
  search_biomodel (= 2.2.1)!
  simple-spreadsheet-extractor (= 0.12.1)
  site_announcements!
  sqlite3 (= 1.3.7)
  sunspot_rails (= 1.3.3)
  sunspot_solr (= 1.3.3)
  timocratic-test_benchmark
  unicorn
  uuidtools (= 2.1.1)
  webmock
  white_list!
  white_list_formatted_content!
  will_paginate (~> 3.0.4)
  yaml_db
