GIT
  remote: git://github.com/SysMO-DB/acts_as_activity_logged.git
  revision: da0b6d8e4ccabfa231c39aa89522c8ba73f03c0e
  specs:
    acts_as_activity_logged (0.3.3)

GIT
  remote: git://github.com/SysMO-DB/acts_as_trashable.git
  revision: ff5dcddece0d03014a8ffde526da59a151501cd7
  specs:
    acts_as_trashable (1.0.6)
      activerecord (>= 2.2)

GIT
  remote: git://github.com/SysMO-DB/app_version.git
  revision: 773b6ae72d9cba038fce1a3502feb5de2f2b75a3
  specs:
    app_version (1.0.0)

GIT
  remote: git://github.com/SysMO-DB/bioportal.git
  revision: b10ef8b0ad8f1bf4a0eb0c7c702476cf45919157
  specs:
    bioportal (1.0.0)

GIT
  remote: git://github.com/SysMO-DB/convert_office.git
  revision: 753f2567dbd625bc89071e1150404efbb562e130
  ref: 753f2567dbd625bc89071e1150404efbb562e130
  specs:
    convert_office (0.9.1)

GIT
  remote: git://github.com/SysMO-DB/doi_query_tool.git
  revision: e4b50f50258ec2e5cfc3e9da159b63b656d7cecd
  specs:
    doi_query_tool (0.0.0)

GIT
  remote: git://github.com/SysMO-DB/fleximage
  revision: 7788fc11562e80ad2542d94aad18a3231453f4df
  specs:
    fleximage (0.1)

GIT
  remote: git://github.com/SysMO-DB/gibberish.git
  revision: d24c42b9608f39f82e37e757f530d8199049c557
  specs:
    gibberish (1.0.0)

GIT
  remote: git://github.com/SysMO-DB/my_rails_settings.git
  revision: e3f7fe9625ea27fea42b02c95e30cb4f1341655b
  specs:
    my_rails_settings (1.0.0)

GIT
  remote: git://github.com/SysMO-DB/my_responds_to_parent.git
  revision: cb8f7fc4aa41023f96f34c6e90e67a154d4ea977
  specs:
    my_responds_to_parent (1.0.0)

GIT
  remote: git://github.com/SysMO-DB/my_savage_beast
  revision: fdd27c31e7d03f184e1b25371b7058bb2f12029b
  specs:
    my_savage_beast (2.3)

GIT
  remote: git://github.com/SysMO-DB/open_id_authentication.git
  revision: 5f6c85f1478545856aa36d1cc234255b9abc0c13
  specs:
    open_id_authentication (1.1.0)
      rack-openid (~> 1.3)

GIT
  remote: git://github.com/SysMO-DB/piwik-ruby-tracking.git
  revision: 06fa67ba4b2bd66878d745e9de5d6d6c8015bc92
  specs:
    piwik_analytics (1.0.1)
      actionpack
      activesupport
      rails (>= 3.0.0)

GIT
  remote: git://github.com/SysMO-DB/pubmed_query_tool.git
  revision: 931788ea92ca898882e1d4f6a8bf494cde89be23
  specs:
    pubmed_query_tool (1.0.0)

GIT
  remote: git://github.com/SysMO-DB/redbox
  revision: 42b7b0edacb3a686324f664cdcb20b0265e5bc53
  specs:
    redbox (1.0.4)

GIT
  remote: git://github.com/SysMO-DB/site_announcements.git
  revision: e69987d2e063e809400df8ee5d337ffc10467b2b
  specs:
    site_announcements (1.0.0)

GIT
  remote: git://github.com/SysMO-DB/white_list.git
  revision: 3f9798ec54f227e852b944bb14f6f90d05cde893
  specs:
    white_list (1.0.0)

GIT
  remote: git://github.com/SysMO-DB/white_list_formatted_content.git
  revision: c02bea47e477c1ac59e45a2a8a51aaa2c8e6b72f
  specs:
    white_list_formatted_content (1.0.0)

GIT
  remote: git://github.com/myGrid/annotations.git
  revision: d33e78993ee957fa12d71cbe9f03100dd9b0ad15
  specs:
    my_annotations (0.6.0)

GIT
  remote: git://github.com/myGrid/search_biomodel.git
  revision: e109ac6d8b102f7ecb65140c17d263b85e066870
  specs:
    search_biomodel (2.2.1)

GIT
  remote: git://github.com/paneq/calendar_date_select.git
  revision: 977048211b94599fe0f08eb37a481f3d69df48f6
  specs:
    calendar_date_select (1.16.2)

GEM
  remote: https://rubygems.org/
  remote: http://gems.github.com/
  specs:
    RedCloth (4.2.9)
    actionmailer (3.2.13)
      actionpack (= 3.2.13)
      mail (~> 2.5.3)
    actionpack (3.2.13)
      activemodel (= 3.2.13)
      activesupport (= 3.2.13)
      builder (~> 3.0.0)
      erubis (~> 2.7.0)
      journey (~> 1.0.4)
      rack (~> 1.4.5)
      rack-cache (~> 1.2)
      rack-test (~> 0.6.1)
      sprockets (~> 2.2.1)
    activemodel (3.2.13)
      activesupport (= 3.2.13)
      builder (~> 3.0.0)
    activerecord (3.2.13)
      activemodel (= 3.2.13)
      activesupport (= 3.2.13)
      arel (~> 3.0.2)
      tzinfo (~> 0.3.29)
    activeresource (3.2.13)
      activemodel (= 3.2.13)
      activesupport (= 3.2.13)
    activesupport (3.2.13)
      i18n (= 0.6.1)
      multi_json (~> 1.0)
    acts-as-taggable-on (2.4.1)
      rails (>= 3, < 5)
    acts_as_list (0.2.0)
      activerecord (>= 3.0)
    acts_as_tree (0.2.0)
    addressable (2.3.4)
    akami (1.2.0)
      gyoku (>= 0.4.0)
      nokogiri (>= 1.4.0)
    arel (3.0.2)
    bio (1.4.3)
    breadcrumbs_on_rails (2.3.0)
    builder (3.0.4)
    cancan (1.6.10)
    coderay (1.0.9)
    country-select (1.1.1)
    crack (0.3.2)
    daemons (1.1.9)
    delayed_job (3.0.5)
      activesupport (~> 3.0)
    delayed_job_active_record (0.4.4)
      activerecord (>= 2.1.0, < 4)
      delayed_job (~> 3.0)
    docsplit (0.7.2)
    dynamic_form (1.1.4)
    equivalent-xml (0.3.0)
      nokogiri (>= 1.4.3)
    erubis (2.7.0)
    exception_notification (3.0.1)
      actionmailer (>= 3.0.4)
    factory_girl (2.6.4)
      activesupport (>= 2.3.9)
    fastercsv (1.5.1)
    fssm (0.2.10)
    gyoku (0.4.6)
      builder (>= 2.1.2)
    hike (1.2.2)
    hpricot (0.8.6)
    httpi (1.1.1)
      rack
    i18n (0.6.1)
    in_place_editing (1.2.0)
    journey (1.0.4)
    json (1.7.7)
    kgio (2.8.0)
    libxml-ruby (2.2.2)
    mail (2.5.3)
      i18n (>= 0.4.0)
      mime-types (~> 1.16)
      treetop (~> 1.4.8)
    method_source (0.8.1)
    mime-types (1.23)
    modporter-plugin (0.1.0)
    multi_json (1.7.4)
    mysql2 (0.3.11)
    nokogiri (1.5.9)
    nori (1.1.5)
    open4 (1.3.0)
    parallel (0.6.4)
    parallel_tests (0.12.3)
      parallel
    polyglot (0.3.3)
    pothoven-attachment_fu (3.2.8)
    pr_geohash (1.0.0)
    prototype-rails (3.2.1)
      rails (~> 3.2)
    pry (0.9.12.1)
      coderay (~> 1.0.5)
      method_source (~> 0.8)
      slop (~> 3.4)
    pry-doc (0.4.5)
      pry (>= 0.9)
      yard (>= 0.8)
    pry-remote (0.1.7)
      pry (~> 0.9)
      slop (~> 3.0)
    rack (1.4.5)
    rack-cache (1.2)
      rack (>= 0.4)
    rack-openid (1.3.1)
      rack (>= 1.1.0)
      ruby-openid (>= 2.1.8)
    rack-ssl (1.3.3)
      rack
    rack-test (0.6.2)
      rack (>= 1.0)
    rails (3.2.13)
      actionmailer (= 3.2.13)
      actionpack (= 3.2.13)
      activerecord (= 3.2.13)
      activeresource (= 3.2.13)
      activesupport (= 3.2.13)
      bundler (~> 1.0)
      railties (= 3.2.13)
    rails_autolink (1.1.0)
      rails (> 3.1)
    railties (3.2.13)
      actionpack (= 3.2.13)
      activesupport (= 3.2.13)
      rack-ssl (~> 1.3.2)
      rake (>= 0.8.7)
      rdoc (~> 3.4)
      thor (>= 0.14.6, < 2.0)
    raindrops (0.11.0)
    rake (10.0.4)
    ratom (0.6.9)
      libxml-ruby (>= 1.1.2)
    rdf (1.0.6)
      addressable (>= 2.2)
    rdf-rdfxml (1.0.1)
      rdf (>= 1.0)
      rdf-xsd (>= 1.0)
    rdf-xsd (1.0.2.1)
      nokogiri (>= 1.5.0)
      rdf (>= 0.3.4)
    rdoc (3.12.2)
      json (~> 1.4)
    request-log-analyzer (1.12.9)
    rest-client (1.6.7)
      mime-types (>= 1.16)
    rmagick (2.12.2)
    rsolr (1.0.9)
      builder (>= 2.1.2)
    rubaidh-google_analytics (1.1.4)
      actionpack
      activesupport
    ruby-openid (2.2.3)
    ruby-prof (0.13.0)
    ruby18_source_location (0.2)
    rubyzip (0.9.9)
    savon (1.1.0)
      akami (~> 1.2.0)
      builder (>= 2.1.2)
      gyoku (~> 0.4.5)
      httpi (~> 1.1.0)
      nokogiri (>= 1.4.0)
      nori (~> 1.1.0)
      wasabi (~> 2.5.0)
    simple-spreadsheet-extractor (0.12.1)
      libxml-ruby (= 2.2.2)
      libxml-ruby (= 2.2.2)
      open4 (= 1.3.0)
      open4 (= 1.3.0)
    slop (3.4.4)
    sprockets (2.2.2)
      hike (~> 1.2)
      multi_json (~> 1.0)
      rack (~> 1.0)
      tilt (~> 1.1, != 1.3.0)
    sqlite3 (1.3.7)
    sunspot (1.3.3)
      pr_geohash (~> 1.0)
      rsolr (~> 1.0.7)
    sunspot_rails (1.3.3)
      nokogiri
      sunspot (= 1.3.3)
    sunspot_solr (1.3.3)
    thor (0.18.1)
    tilt (1.4.1)
    timocratic-test_benchmark (0.4.3)
    treetop (1.4.12)
      polyglot
      polyglot (>= 0.3.1)
    tzinfo (0.3.37)
    unicorn (4.6.2)
      kgio (~> 2.6)
      rack
      raindrops (~> 0.7)
    unicorn-rails (1.0.1)
      rack
      unicorn
    uuidtools (2.1.1)
    wasabi (2.5.1)
      httpi (~> 1.0)
      nokogiri (>= 1.4.0)
    webmock (1.11.0)
      addressable (>= 2.2.7)
      crack (>= 0.3.2)
    will_paginate (3.0.4)
    yaml_db (0.2.3)
    yard (0.8.6.1)

PLATFORMS
  ruby

DEPENDENCIES
  RedCloth (= 4.2.9)
  acts-as-taggable-on
  acts_as_activity_logged!
  acts_as_list
  acts_as_trashable!
  acts_as_tree (= 0.2.0)
  app_version!
  bio
  bioportal!
  breadcrumbs_on_rails
  calendar_date_select!
  cancan
  convert_office!
  country-select
  daemons
  delayed_job_active_record
  docsplit
  doi_query_tool!
  dynamic_form
  equivalent-xml
  exception_notification
  factory_girl (= 2.6.4)
  fastercsv (= 1.5.1)
  fleximage!
  fssm
  gibberish!
  hpricot (~> 0.8.2)
  in_place_editing
  libxml-ruby (= 2.2.2)
  modporter-plugin
  my_annotations!
  my_rails_settings!
  my_responds_to_parent!
  my_savage_beast!
  mysql2
  open_id_authentication!
  parallel_tests
  piwik_analytics!
  pothoven-attachment_fu
  prototype-rails
  pry
  pry-doc
  pry-remote
  pubmed_query_tool!
  rack-openid
  rails (= 3.2.13)
  rails_autolink
  ratom (= 0.6.9)
  rdf (>= 0.3.8)
  rdf-rdfxml (>= 0.3.8)
  rdoc
  redbox!
  request-log-analyzer
  rest-client (>= 1.6.1)
  rmagick (= 2.12.2)
  rubaidh-google_analytics (~> 1.1.4)
  ruby-openid
  ruby-prof
  ruby18_source_location
  rubyzip
  savon (= 1.1.0)
  search_biomodel (= 2.2.1)!
  simple-spreadsheet-extractor (= 0.12.1)
  site_announcements!
  sqlite3 (= 1.3.7)
  sunspot_rails (= 1.3.3)
  sunspot_solr (= 1.3.3)
  timocratic-test_benchmark
  unicorn-rails
  uuidtools (= 2.1.1)
  webmock
  white_list!
  white_list_formatted_content!
  will_paginate (~> 3.0.4)
  yaml_db
