GIT
  remote: git://github.com/SysMO-DB/acts_as_activity_logged.git
  revision: da0b6d8e4ccabfa231c39aa89522c8ba73f03c0e
  specs:
    acts_as_activity_logged (0.3.3)

GIT
  remote: git://github.com/SysMO-DB/acts_as_trashable.git
  revision: ff5dcddece0d03014a8ffde526da59a151501cd7
  specs:
    acts_as_trashable (1.0.6)
      activerecord (>= 2.2)

GIT
  remote: git://github.com/SysMO-DB/app_version.git
  revision: 773b6ae72d9cba038fce1a3502feb5de2f2b75a3
  specs:
    app_version (1.0.0)

GIT
  remote: git://github.com/SysMO-DB/bioportal.git
  revision: 8c861fd91ca8e2fe3ab67b09779355c8379050ec
  specs:
    bioportal (1.0.0)

GIT
  remote: git://github.com/SysMO-DB/convert_office.git
  revision: 753f2567dbd625bc89071e1150404efbb562e130
  ref: 753f2567dbd625bc89071e1150404efbb562e130
  specs:
    convert_office (0.9.1)

GIT
  remote: git://github.com/SysMO-DB/doi_query_tool.git
  revision: 09fc4e9a86daf0514ee21106fd6eff578745702f
  specs:
    doi_query_tool (0.0.0)

GIT
  remote: git://github.com/SysMO-DB/fleximage
  revision: 658985eb1460fb5d6612f624463e6cbf067ad973
  specs:
    fleximage (0.1)

GIT
  remote: git://github.com/SysMO-DB/gibberish.git
  revision: d24c42b9608f39f82e37e757f530d8199049c557
  specs:
    gibberish (1.0.0)

GIT
  remote: git://github.com/SysMO-DB/my_rails_settings.git
  revision: e3f7fe9625ea27fea42b02c95e30cb4f1341655b
  specs:
    my_rails_settings (1.0.0)

GIT
  remote: git://github.com/SysMO-DB/my_responds_to_parent.git
  revision: 5fadfd0cd85a0a70caaddd36f9617cb743047e0b
  specs:
    my_responds_to_parent (1.0.0)

GIT
  remote: git://github.com/SysMO-DB/my_savage_beast
  revision: c107727d39da3839ce9e13deda6a8dbbf2e7cd6a
  specs:
    my_savage_beast (2.3)

GIT
  remote: git://github.com/SysMO-DB/open_id_authentication.git
  revision: 5f6c85f1478545856aa36d1cc234255b9abc0c13
  specs:
    open_id_authentication (1.1.0)
      rack-openid (~> 1.3)

GIT
  remote: git://github.com/SysMO-DB/piwik-ruby-tracking.git
  revision: 06fa67ba4b2bd66878d745e9de5d6d6c8015bc92
  specs:
    piwik_analytics (1.0.1)
      actionpack
      activesupport
      rails (>= 3.0.0)

GIT
  remote: git://github.com/SysMO-DB/pubmed_query_tool.git
  revision: 931788ea92ca898882e1d4f6a8bf494cde89be23
  specs:
    pubmed_query_tool (1.0.0)

GIT
  remote: git://github.com/SysMO-DB/redbox
  revision: 494451d01aeeb70b186783d08b6b9aefcb537e98
  specs:
    redbox (1.0.4)

GIT
  remote: git://github.com/SysMO-DB/site_announcements.git
  revision: 91ceecf26ab29a74e32e239827fd5fef8519df0f
  specs:
    site_announcements (1.1)

GIT
  remote: git://github.com/SysMO-DB/white_list.git
  revision: 3f9798ec54f227e852b944bb14f6f90d05cde893
  specs:
    white_list (1.0.0)

GIT
  remote: git://github.com/SysMO-DB/white_list_formatted_content.git
  revision: c02bea47e477c1ac59e45a2a8a51aaa2c8e6b72f
  specs:
    white_list_formatted_content (1.0.0)

GIT
  remote: git://github.com/digibib/rdf-virtuoso.git
  revision: e6772d2ce0faf5a84e74a8eee5207175af2b1015
  specs:
    rdf-virtuoso (0.1.5)
      api_smith (~> 1.3.0)
      httparty (~> 0.11.0)
      rdf (~> 1.0.7)

GIT
  remote: git://github.com/myGrid/annotations.git
  revision: d33e78993ee957fa12d71cbe9f03100dd9b0ad15
  specs:
    my_annotations (0.6.0)

GIT
  remote: git://github.com/myGrid/search_biomodel.git
  revision: e109ac6d8b102f7ecb65140c17d263b85e066870
  specs:
    search_biomodel (2.2.1)

GIT
  remote: git://github.com/myGrid/t2-server-gem
  revision: dcbc8a959763a743202e68eb6c076ce6055569b6
  branch: next
  specs:
    t2-server (1.0.0)
      hirb (>= 0.4.0)
      net-http-persistent (~> 2.6)
      ratom (~> 0.8.2)
      taverna-baclava (~> 1.0.0)

GIT
  remote: git://github.com/myGrid/taverna-player
  revision: e6e1469bab7cecb3a348ca0aaef3604246627f5e
  branch: master
  specs:
    taverna-player (0.0.1)
      coderay (~> 1.0.9)
      daemons (~> 1.1.9)
      delayed_job_active_record (~> 0.4.3)
      jbuilder (~> 1.5.2)
      jquery-rails (~> 3.0.4)
      paperclip (~> 3.4.1)
      rails (= 3.2.14)
      rails_autolink (~> 1.1.0)
      require_all (~> 1.3.1)
      rubyzip (~> 0.9.9)

GIT
  remote: git://github.com/paneq/calendar_date_select.git
  revision: 977048211b94599fe0f08eb37a481f3d69df48f6
  specs:
    calendar_date_select (1.16.2)

GEM
  remote: http://rubygems.org/
  remote: http://gems.github.com/
  specs:
    RedCloth (4.2.9)
    actionmailer (3.2.14)
      actionpack (= 3.2.14)
      mail (~> 2.5.4)
    actionpack (3.2.14)
      activemodel (= 3.2.14)
      activesupport (= 3.2.14)
      builder (~> 3.0.0)
      erubis (~> 2.7.0)
      journey (~> 1.0.4)
      rack (~> 1.4.5)
      rack-cache (~> 1.2)
      rack-test (~> 0.6.1)
      sprockets (~> 2.2.1)
    activemodel (3.2.14)
      activesupport (= 3.2.14)
      builder (~> 3.0.0)
    activerecord (3.2.14)
      activemodel (= 3.2.14)
      activesupport (= 3.2.14)
      arel (~> 3.0.2)
      tzinfo (~> 0.3.29)
    activeresource (3.2.14)
      activemodel (= 3.2.14)
      activesupport (= 3.2.14)
    activesupport (3.2.14)
      i18n (~> 0.6, >= 0.6.4)
      multi_json (~> 1.0)
    acts-as-taggable-on (2.4.1)
      rails (>= 3, < 5)
    acts_as_list (0.3.0)
      activerecord (>= 3.0)
    acts_as_tree (0.2.0)
    addressable (2.3.5)
    akami (1.2.0)
      gyoku (>= 0.4.0)
      nokogiri (>= 1.4.0)
    ansi (1.4.3)
    api_smith (1.3.0)
      hashie (>= 1.0, < 3.0)
      httparty
    arel (3.0.2)
    bio (1.4.3.0001)
    breadcrumbs_on_rails (2.3.0)
    builder (3.0.4)
    cancan (1.6.10)
    climate_control (0.0.3)
      activesupport (>= 3.0)
    cocaine (0.5.3)
      climate_control (>= 0.0.3, < 1.0)
    coderay (1.0.9)
    country-select (1.1.1)
    crack (0.4.1)
      safe_yaml (~> 0.9.0)
    daemon_controller (1.1.5)
    daemons (1.1.9)
    delayed_job (3.0.5)
      activesupport (~> 3.0)
    delayed_job_active_record (0.4.4)
      activerecord (>= 2.1.0, < 4)
      delayed_job (~> 3.0)
    docsplit (0.7.2)
    dynamic_form (1.1.4)
    equivalent-xml (0.3.0)
      nokogiri (>= 1.4.3)
    erubis (2.7.0)
    exception_notification (3.0.1)
      actionmailer (>= 3.0.4)
    factory_girl (2.6.4)
      activesupport (>= 2.3.9)
    fssm (0.2.10)
    gyoku (0.4.6)
      builder (>= 2.1.2)
    hashie (2.0.5)
    hike (1.2.3)
    hirb (0.7.1)
    hpricot (0.8.6)
    httparty (0.11.0)
      multi_json (~> 1.0)
      multi_xml (>= 0.5.2)
    httpi (1.1.1)
      rack
    i18n (0.6.5)
    in_place_editing (1.2.0)
    jbuilder (1.5.2)
      activesupport (>= 3.0.0)
      multi_json (>= 1.2.0)
    journey (1.0.4)
    jquery-rails (3.0.4)
      railties (>= 3.0, < 5.0)
      thor (>= 0.14, < 2.0)
    json (1.8.1)
    kgio (2.8.1)
    libxml-ruby (2.6.0)
    mail (2.5.4)
      mime-types (~> 1.16)
      treetop (~> 1.4.8)
    method_source (0.8.2)
    mime-types (1.25)
    minitest (4.7.5)
    minitest-reporters (0.14.23)
      ansi
      builder
      minitest (>= 2.12, < 5.0)
      powerbar
    modporter-plugin (0.1.0)
    multi_json (1.8.2)
    multi_xml (0.5.5)
    mysql2 (0.3.13)
    net-http-persistent (2.9)
    nokogiri (1.5.9)
    nori (1.1.5)
    open4 (1.3.0)
    paperclip (3.4.2)
      activemodel (>= 3.0.0)
      activerecord (>= 3.0.0)
      activesupport (>= 3.0.0)
      cocaine (~> 0.5.0)
      mime-types
    passenger (4.0.20)
      daemon_controller (>= 1.1.0)
      rack
      rake (>= 0.8.1)
    polyglot (0.3.3)
    pothoven-attachment_fu (3.2.10)
    powerbar (1.0.11)
      ansi (~> 1.4.0)
      hashie (>= 1.1.0)
    pr_geohash (1.0.0)
    prototype-rails (3.2.1)
      rails (~> 3.2)
    pry (0.9.12.2)
      coderay (~> 1.0.5)
      method_source (~> 0.8)
      slop (~> 3.4)
    pry-doc (0.4.6)
      pry (>= 0.9)
      yard (>= 0.8)
    pry-remote (0.1.7)
      pry (~> 0.9)
      slop (~> 3.0)
    rack (1.4.5)
    rack-cache (1.2)
      rack (>= 0.4)
    rack-openid (1.4.0)
      rack (>= 1.1.0)
      ruby-openid (>= 2.1.8)
    rack-ssl (1.3.3)
      rack
    rack-test (0.6.2)
      rack (>= 1.0)
    rails (3.2.14)
      actionmailer (= 3.2.14)
      actionpack (= 3.2.14)
      activerecord (= 3.2.14)
      activeresource (= 3.2.14)
      activesupport (= 3.2.14)
      bundler (~> 1.0)
      railties (= 3.2.14)
    rails_autolink (1.1.5)
      rails (> 3.1)
    railties (3.2.14)
      actionpack (= 3.2.14)
      activesupport (= 3.2.14)
      rack-ssl (~> 1.3.2)
      rake (>= 0.8.7)
      rdoc (~> 3.4)
      thor (>= 0.14.6, < 2.0)
    raindrops (0.12.0)
    rake (10.1.0)
    ratom (0.8.2)
      libxml-ruby (~> 2.6.0)
    rdf (1.0.9)
      addressable (>= 2.3)
    rdf-rdfxml (1.0.2)
      rdf (>= 1.0)
      rdf-xsd (>= 1.0)
    rdf-xsd (1.0.2.1)
      nokogiri (>= 1.5.0)
      rdf (>= 0.3.4)
    rdoc (3.12.2)
      json (~> 1.4)
    request-log-analyzer (1.12.9)
    require_all (1.3.1)
    rest-client (1.6.7)
      mime-types (>= 1.16)
    rfc-822 (0.3.0)
    rmagick (2.13.2)
    rsolr (1.0.9)
      builder (>= 2.1.2)
    rubaidh-google_analytics (1.1.4)
      actionpack
      activesupport
    ruby-openid (2.3.0)
    ruby-prof (0.13.0)
    rubyzip (0.9.9)
    safe_yaml (0.9.7)
    savon (1.1.0)
      akami (~> 1.2.0)
      builder (>= 2.1.2)
      gyoku (~> 0.4.5)
      httpi (~> 1.1.0)
      nokogiri (>= 1.4.0)
      nori (~> 1.1.0)
      wasabi (~> 2.5.0)
    simple-spreadsheet-extractor (0.12.3)
      libxml-ruby (= 2.6.0)
      libxml-ruby (= 2.6.0)
      open4 (= 1.3.0)
      open4 (= 1.3.0)
    slop (3.4.6)
    sprockets (2.2.2)
      hike (~> 1.2)
      multi_json (~> 1.0)
      rack (~> 1.0)
      tilt (~> 1.1, != 1.3.0)
    sqlite3 (1.3.7)
    sunspot (2.0.0)
      pr_geohash (~> 1.0)
      rsolr (~> 1.0.7)
    sunspot_rails (2.0.0)
      nokogiri
      sunspot (= 2.0.0)
    sunspot_solr (2.0.0)
    taverna-baclava (1.0.0)
      builder (~> 3.0.0)
    taverna-t2flow (0.4.5)
      libxml-ruby (>= 1.1.4)
    thor (0.18.1)
    tilt (1.4.1)
    treetop (1.4.15)
      polyglot
      polyglot (>= 0.3.1)
    tzinfo (0.3.38)
    unicorn (4.6.3)
      kgio (~> 2.6)
      rack
      raindrops (~> 0.7)
    unicorn-rails (1.1.0)
      rack
      unicorn
    uuidtools (2.1.1)
    wasabi (2.5.1)
      httpi (~> 1.0)
      nokogiri (>= 1.4.0)
    webmock (1.14.0)
      addressable (>= 2.2.7)
      crack (>= 0.3.2)
    will_paginate (3.0.5)
    yaml_db (0.2.3)
    yard (0.8.7.2)

PLATFORMS
  ruby

DEPENDENCIES
  RedCloth (= 4.2.9)
  acts-as-taggable-on
  acts_as_activity_logged!
  acts_as_list
  acts_as_trashable!
  acts_as_tree (= 0.2.0)
  app_version!
  bio
  bioportal!
  breadcrumbs_on_rails
  calendar_date_select!
  cancan
  convert_office!
  country-select
  daemons
  delayed_job_active_record
  docsplit
  doi_query_tool!
  dynamic_form
  equivalent-xml
  exception_notification (= 3.0.1)
  factory_girl (= 2.6.4)
  fleximage!
  fssm
  gibberish!
  hpricot (~> 0.8.2)
  in_place_editing
  libxml-ruby (= 2.6.0)
  minitest-reporters (>= 0.4.1)
  modporter-plugin
  my_annotations!
  my_rails_settings!
  my_responds_to_parent!
  my_savage_beast!
  mysql2
  nokogiri (= 1.5.9)
  open_id_authentication!
  passenger
  piwik_analytics!
  pothoven-attachment_fu
  prototype-rails
  pry
  pry-doc
  pry-remote
  pubmed_query_tool!
  rack-openid
  rails (= 3.2.14)
  rails_autolink
  ratom (~> 0.8.2)
  rdf (>= 0.3.8)
  rdf-rdfxml (>= 0.3.8)
  rdf-virtuoso!
  rdoc
  redbox!
  request-log-analyzer
  rest-client (>= 1.6.1)
  rfc-822
  rmagick
  rubaidh-google_analytics (~> 1.1.4)
  ruby-openid
  ruby-prof
  rubyzip (= 0.9.9)
  savon (= 1.1.0)
  search_biomodel (= 2.2.1)!
  simple-spreadsheet-extractor (= 0.12.3)
  site_announcements!
  sqlite3 (= 1.3.7)
  sunspot_rails
  sunspot_solr
  t2-server!
  taverna-player!
  taverna-t2flow
  unicorn-rails
  uuidtools (= 2.1.1)
  webmock
  white_list!
  white_list_formatted_content!
  will_paginate (~> 3.0.4)
  yaml_db
